GEM
  remote: https://rubygems.org/
  specs:
    aws-sdk (2.3.8)
      aws-sdk-resources (= 2.3.8)
    aws-sdk-core (2.3.8)
      jmespath (~> 1.0)
    aws-sdk-resources (2.3.8)
      aws-sdk-core (= 2.3.8)
    colored (1.2)
    io-console (0.4.6)
    jmespath (1.2.4)
      json_pure (>= 1.8.1)
    json_pure (1.8.3)
    logger-colors (1.0.0)
    rake (11.1.2)
    semver2 (3.4.2)
    thor (0.19.1)

PLATFORMS
  ruby

DEPENDENCIES
  aws-sdk (~> 2)
  colored (~> 1.2)
  io-console (~> 0.4)
  logger-colors (~> 1.0)
  rake
  semver2 (~> 3.4.1)
  thor (~> 0.19.1)
