GEM
  remote: https://rubygems.org/
  specs:
    aws-sdk (2.1.36)
      aws-sdk-resources (= 2.1.36)
    aws-sdk-core (2.1.36)
      jmespath (~> 1.0)
    aws-sdk-resources (2.1.36)
      aws-sdk-core (= 2.1.36)
    colored (1.2)
    io-console (0.4.2)
    jmespath (1.1.3)
    logger-colors (1.0.0)
    rake (10.4.2)

PLATFORMS
  ruby

DEPENDENCIES
  aws-sdk (~> 2)
  colored (~> 1.2)
  io-console (~> 0.4)
  logger-colors (~> 1.0)
  rake
